NUGET
  remote: https://nuget.org/api/v2
  specs:
    Deedle (1.2.4)
    Deedle.RPlugin (1.2.4)
      Deedle (>= 1.2.4)
      R.NET.Community (>= 1.6.4)
      R.NET.Community.FSharp (>= 1.6.4)
      RProvider (>= 1.1.13)
    DynamicInterop (0.7.4)
    FAKE (4.3.4)
    Foogle.Charts (0.0.5)
    FSharp.Charting (0.90.12)
    FSharp.Compiler.Service (1.4.0.4)
    FSharp.Core (4.0.0.1)
    FSharp.Data (2.2.5)
      Zlib.Portable (>= 1.10.0) - framework: portable-net40+sl50+wp80+win80
    FSharp.Formatting (2.10.0)
      FSharp.Compiler.Service (>= 0.0.87)
      FSharpVSPowerTools.Core (1.8.0)
    FSharpVSPowerTools.Core (1.8.0)
      FSharp.Compiler.Service (>= 0.0.87)
    FsLab (0.0.18)
      Deedle (>= 1.0.1)
      Deedle.RPlugin (>= 1.0.1)
      FSharp.Charting (>= 0.90.6)
      FSharp.Data (>= 2.0.9)
      Foogle.Charts (>= 0.0.2)
      MathNet.Numerics (>= 3.0.0)
      MathNet.Numerics.FSharp (>= 3.0.0)
      R.NET.Community (>= 1.5.15)
      R.NET.Community.FSharp (>= 0.1.8)
      RProvider (>= 1.0.13)
    FsUnit (1.3.1.0)
      NUnit (2.6.4)
    Google.DataTable.Net.Wrapper (3.1.2.0)
    Http.fs (1.5.1)
    MathNet.Numerics (3.7.0)
      TaskParallelLibrary (>= 1.0.2856) - framework: >= net35 < net40
    MathNet.Numerics.FSharp (3.7.0)
      FSharp.Core (>= 3.1.2.1)
      MathNet.Numerics (3.7.0)
    Microsoft.Bcl (1.1.10)
      Microsoft.Bcl.Build (>= 1.0.14)
    Microsoft.Bcl.Build (1.0.21)
    Microsoft.Net.Http (2.2.29)
      Microsoft.Bcl (>= 1.1.10)
      Microsoft.Bcl.Build (>= 1.0.14)
    Newtonsoft.Json (6.0.8)
    NUnit (2.6.4)
    NUnit.Runners (2.6.4)
    Octokit (0.14.0)
      Microsoft.Net.Http
    R.NET.Community (1.6.4)
      DynamicInterop (0.7.4)
    R.NET.Community.FSharp (1.6.4)
      R.NET.Community (>= 1.6.4)
    RProvider (1.1.13)
      DynamicInterop (0.7.4)
      R.NET.Community (1.6.4)
      R.NET.Community.FSharp (1.6.4)
    SourceLink.Fake (1.1.0)
    TaskParallelLibrary (1.0.2856.0) - framework: >= net35 < net40
    XPlot.GoogleCharts (1.2.1)
      Google.DataTable.Net.Wrapper
      Newtonsoft.Json
    XPlot.GoogleCharts.Deedle (1.2.1)
      Deedle
      XPlot.GoogleCharts (>= 1.2.1)
    XPlot.Plotly (1.2.1)
      Http.fs
      Newtonsoft.Json
    Zlib.Portable (1.11.0)
GITHUB
  remote: fsharp/FAKE
  specs:
    modules/Octokit/Octokit.fsx (f611e288e82ff6f23098e3acb39e5e099711ee37)
      Octokit